GEM
  remote: https://rubygems.org/
  specs:
    awesome_print_motion (0.1.0)

PLATFORMS
  ruby

DEPENDENCIES
  awesome_print_motion
